GEM
  remote: https://rubygems.org/
  specs:
    sqlite3 (1.4.4)

PLATFORMS
  arm64-darwin-21
  x86_64-darwin-21

DEPENDENCIES
  sqlite3

BUNDLED WITH
   2.3.20
